GIT
  remote: git@github.com:Deliverous/rake-docker.git
  revision: dc77f205b661d9c29fcc769d4e81a5116464c472
  specs:
    rake-docker (0.0.1)
      climate_control
      rake

GIT
  remote: git@github.com:Deliverous/rake-utils.git
  revision: adfcefd03b96b80ea907b5a13cc051cdee4775f5
  specs:
    rake-utils (0.0.1)
      rake

GEM
  remote: https://rubygems.org/
  specs:
    activesupport (4.1.8)
      i18n (~> 0.6, >= 0.6.9)
      json (~> 1.7, >= 1.7.7)
      minitest (~> 5.1)
      thread_safe (~> 0.1)
      tzinfo (~> 1.1)
    climate_control (0.0.3)
      activesupport (>= 3.0)
    i18n (0.6.11)
    json (1.8.1)
    minitest (5.5.0)
    rake (10.4.2)
    thread_safe (0.3.4)
    tzinfo (1.2.2)
      thread_safe (~> 0.1)

PLATFORMS
  ruby

DEPENDENCIES
  rake
  rake-docker!
  rake-utils!
